PATH
  remote: .
  specs:
    neography (0.0.12)
      json
      typhoeus (~> 0.2.4)

GEM
  remote: http://rubygems.org/
  specs:
    diff-lcs (1.1.2)
    fakeweb (1.3.0)
    json (1.5.1)
    json (1.5.1-java)
    mime-types (1.16)
    net-http-spy (0.2.1)
    rake (0.8.7)
    rspec (2.0.1)
      rspec-core (~> 2.0.1)
      rspec-expectations (~> 2.0.1)
      rspec-mocks (~> 2.0.1)
    rspec-core (2.0.1)
    rspec-expectations (2.0.1)
      diff-lcs (>= 1.1.2)
    rspec-mocks (2.0.1)
      rspec-core (~> 2.0.1)
      rspec-expectations (~> 2.0.1)
    typhoeus (0.2.4)
      mime-types
      mime-types

PLATFORMS
  java
  ruby

DEPENDENCIES
  fakeweb (~> 1.3.0)
  neography!
  net-http-spy (~> 0.2.1)
  rake (~> 0.8.7)
  rspec (~> 2.0.0.beta.22)
